GIT
  remote: git://github.com/intridea/grape.git
  revision: b760958436d7d830757a266b618504fa619c8925
  specs:
    grape (0.7.0)
      activesupport
      builder
      hashie (>= 1.2.0)
      multi_json (>= 1.3.2)
      multi_xml (>= 0.5.2)
      rack (>= 1.3.0)
      rack-accept
      rack-mount
      virtus (>= 1.0.0)

GEM
  remote: https://rubygems.org/
  specs:
    activesupport (3.2.15)
      i18n (~> 0.6, >= 0.6.4)
      multi_json (~> 1.0)
    ast (1.1.0)
    axiom-types (0.0.5)
      descendants_tracker (~> 0.0.1)
      ice_nine (~> 0.9)
    builder (3.0.4)
    coercible (1.0.0)
      descendants_tracker (~> 0.0.1)
    descendants_tracker (0.0.3)
    diff-lcs (1.2.5)
    dotenv (0.11.1)
      dotenv-deployment (~> 0.0.2)
    dotenv-deployment (0.0.2)
    equalizer (0.0.9)
    foreman (0.75.0)
      dotenv (~> 0.11.1)
      thor (~> 0.19.1)
    given_core (3.5.4)
      sorcerer (>= 0.3.7)
    grape-swagger (0.6.0)
      grape (>= 0.2.0)
      kramdown
    hashie (2.0.5)
    i18n (0.6.9)
    ice_nine (0.11.0)
    jwt (0.1.8)
      multi_json (>= 1.5)
    kramdown (1.3.1)
    multi_json (1.9.2)
    multi_xml (0.5.5)
    parser (2.1.2)
      ast (~> 1.1)
      slop (~> 3.4, >= 3.4.5)
    powerpack (0.0.9)
    rack (1.5.2)
    rack-accept (0.4.5)
      rack (>= 0.4)
    rack-cors (0.2.9)
    rack-mount (0.8.3)
      rack (>= 1.0.0)
    rack-test (0.6.2)
      rack (>= 1.0)
    racksh (1.0.0)
      rack (>= 1.0)
      rack-test (>= 0.5)
    rainbow (1.99.1)
    rake (0.9.2.2)
    require_all (1.3.2)
    rspec (2.13.0)
      rspec-core (~> 2.13.0)
      rspec-expectations (~> 2.13.0)
      rspec-mocks (~> 2.13.0)
    rspec-core (2.13.1)
    rspec-expectations (2.13.0)
      diff-lcs (>= 1.1.3, < 2.0)
    rspec-given (3.5.4)
      given_core (= 3.5.4)
      rspec (>= 2.12)
    rspec-mocks (2.13.1)
    rubocop (0.16.0)
      parser (~> 2.1)
      powerpack (~> 0.0.6)
      rainbow (>= 1.1.4)
    slop (3.4.7)
    sorcerer (1.0.2)
    thor (0.19.1)
    twilio-ruby (3.11.4)
      builder (>= 2.1.2)
      jwt (>= 0.1.2)
      multi_json (>= 1.3.0)
    virtus (1.0.1)
      axiom-types (~> 0.0.5)
      coercible (~> 1.0)
      descendants_tracker (~> 0.0.1)
      equalizer (~> 0.0.7)

PLATFORMS
  ruby

DEPENDENCIES
  dotenv
  foreman
  grape!
  grape-swagger (~> 0.6.0)
  rack-cors (~> 0.2.8)
  rack-test (~> 0.6.2)
  racksh
  rake
  require_all
  rspec (~> 2.13.0)
  rspec-core
  rspec-given
  rspec-mocks
  rubocop
  twilio-ruby
